GEM
  remote: https://rubygems.org/
  specs:
    aws-sdk (1.67.0)
      aws-sdk-v1 (= 1.67.0)
    aws-sdk-v1 (1.67.0)
      json (~> 1.4)
      nokogiri (~> 1)
    colored (1.2)
    configure-s3-website (1.5.5)
      deep_merge (= 1.0.0)
    deep_merge (1.0.0)
    dotenv (2.8.1)
    erubis (2.7.0)
    filey-diff (2.0.0)
    json (1.8.6)
    mime-types (1.25.1)
    nokogiri (1.14.0-x86_64-darwin)
      racc (~> 1.4)
    racc (1.6.2)
    s3_website (1.7.6)
      aws-sdk (~> 1)
      configure-s3-website (= 1.5.5)
      erubis (~> 2.7.0)
      filey-diff (~> 2.0.0)
      mime-types (~> 1)
      simple-cloudfront-invalidator (~> 1)
      thor (= 0.18.1)
      zopfli (~> 0.0.3)
    simple-cloudfront-invalidator (1.1.0)
      colored (= 1.2)
    thor (0.18.1)
    zopfli (0.0.8)

PLATFORMS
  x86_64-darwin-21

DEPENDENCIES
  dotenv
  s3_website

BUNDLED WITH
   2.4.4
